GEM
  remote: http://rubygems.org/
  specs:
    activesupport (3.1.3)
      multi_json (~> 1.0)
    closure-compiler (1.0.0)
    fewer (0.2.0)
      rack
    highlight (1.1.3)
      activesupport (>= 2.0.0)
    multi_json (1.0.4)
    nokogiri (1.5.0)
    rack (1.2.1)
    rdiscount (1.6.8)

PLATFORMS
  ruby

DEPENDENCIES
  closure-compiler
  fewer (~> 0.2.0)
  highlight
  nokogiri
  rdiscount
