GEM
  remote: http://rubygems.org/
  specs:
    activesupport (3.1.3)
      multi_json (~> 1.0)
    highlight (1.1.3)
      activesupport (>= 2.0.0)
    multi_json (1.0.4)
    nokogiri (1.5.0)
    rdiscount (1.6.8)

PLATFORMS
  ruby

DEPENDENCIES
  highlight
  nokogiri
  rdiscount
